GEM
  remote: https://rubygems.org/
  specs:
    bson (4.1.1)
    dotenv (2.1.1)
    mongo (2.3.0)
      bson (~> 4.1)

PLATFORMS
  ruby

DEPENDENCIES
  dotenv
  mongo (~> 2.2)

BUNDLED WITH
   1.12.5
